GEM
  remote: https://rubygems.org/
  specs:
    faraday (0.11.0)
      multipart-post (>= 1.2, < 3)
    multipart-post (2.0.0)
    mustermann (1.0.1)
    rack (2.0.3)
    rack-protection (2.0.0)
      rack
    request_signing (0.1.0)
    request_signing-faraday (0.1.0)
      faraday (~> 0.9)
      request_signing (= 0.1.0)
    request_signing-rack (0.1.0)
      rack (~> 2.0)
      request_signing (= 0.1.0)
    sinatra (2.0.0)
      mustermann (~> 1.0)
      rack (~> 2.0)
      rack-protection (= 2.0.0)
      tilt (~> 2.0)
    tilt (2.0.8)

PLATFORMS
  ruby

DEPENDENCIES
  faraday (~> 0.11)
  request_signing (~> 0.1.0)
  request_signing-faraday (~> 0.1.0)
  request_signing-rack (~> 0.1.0)
  sinatra (~> 2.0)

BUNDLED WITH
   1.15.1
