GEM
  remote: https://rubygems.org/
  specs:
    mustermann (1.0.1)
    rack (2.0.3)
    rack-protection (2.0.0)
      rack
    request_signing (0.1.0)
    request_signing-rack (0.1.0)
      rack (~> 2.0)
      request_signing (= 0.1.0)
    sinatra (2.0.0)
      mustermann (~> 1.0)
      rack (~> 2.0)
      rack-protection (= 2.0.0)
      tilt (~> 2.0)
    tilt (2.0.8)

PLATFORMS
  ruby

DEPENDENCIES
  request_signing (~> 0.1.0)
  request_signing-rack (~> 0.1.0)
  sinatra (~> 2.0)

BUNDLED WITH
   1.15.1
